GEM
  remote: http://rubygems.org/
  specs:
    eventmachine (1.0.3)
    faye-websocket (0.7.5)
      eventmachine (>= 0.12.0)
      websocket-driver (>= 0.3.5)
    puma (2.9.1)
      rack (>= 1.1, < 2.0)
    rack (1.3.5)
    rack-protection (1.1.4)
      rack
    sinatra (1.3.1)
      rack (~> 1.3, >= 1.3.4)
      rack-protection (~> 1.1, >= 1.1.2)
      tilt (~> 1.3, >= 1.3.3)
    tilt (1.3.3)
    websocket-driver (0.3.5)

PLATFORMS
  ruby

DEPENDENCIES
  faye-websocket
  puma
  sinatra
