GEM
  remote: http://rubygems.org/
  specs:
    backports (3.6.4)
    bacon (1.2.0)
    eventmachine (1.0.3)
    faye-websocket (0.7.5)
      eventmachine (>= 0.12.0)
      websocket-driver (>= 0.3.5)
    mail (2.6.3)
      mime-types (>= 1.16, < 3)
    mime-types (2.4.3)
    multi_json (1.11.0)
    pony (1.11)
      mail (>= 2.0)
    puma (2.9.1)
      rack (>= 1.1, < 2.0)
    rack (1.6.0)
    rack-protection (1.5.3)
      rack
    rack-test (0.6.3)
      rack (>= 1.0)
    redis (3.1.0)
    rollbar (1.4.5)
      multi_json (~> 1.3)
    sinatra (1.4.5)
      rack (~> 1.4)
      rack-protection (~> 1.4)
      tilt (~> 1.3, >= 1.3.4)
    sinatra-contrib (1.4.2)
      backports (>= 2.0)
      multi_json
      rack-protection
      rack-test
      sinatra (~> 1.4.0)
      tilt (~> 1.3)
    sinatra-formhelpers-ng (1.9.0)
      bacon
      rack-test
    tilt (1.4.1)
    websocket-driver (0.3.5)

PLATFORMS
  ruby

DEPENDENCIES
  faye-websocket
  pony
  puma
  redis
  rollbar (~> 1.4.4)
  sinatra
  sinatra-contrib
  sinatra-formhelpers-ng
